GEM
  remote: https://rubygems.org/
  specs:
    committee (1.13.0)
      json_schema (~> 0.6, >= 0.6.1)
      rack (~> 1.5)
    erubis (2.7.0)
    json_schema (0.12.1)
    prmd (0.11.4)
      erubis (~> 2.7)
      json_schema (~> 0.3, >= 0.3.1)
    rack (1.6.4)

PLATFORMS
  ruby

DEPENDENCIES
  committee
  prmd (= 0.11.4)

BUNDLED WITH
   1.11.2
