GIT
  remote: git://github.com/hnakamur/asciidoctor-fopub.git
  revision: adad976219f2ee1170932597843114c19930a0c9
  branch: japanese
  specs:
    asciidoctor-fopub (0.0.1)

GEM
  remote: https://rubygems.org/
  specs:
    asciidoctor (1.5.2)
    asciidoctor-diagram (1.3.0.preview.1)
      asciidoctor (~> 1.5.0)
      rjb (~> 1.4.8)
    asciidoctor-diagram-cacoo (0.2.2)
    filewatcher (0.3.6)
      trollop (~> 2.0)
    mini_portile (0.6.2)
    nokogiri (1.6.5)
      mini_portile (~> 0.6.0)
    rake (10.4.2)
    rjb (1.4.9)
    trollop (2.1.1)

PLATFORMS
  ruby

DEPENDENCIES
  asciidoctor
  asciidoctor-diagram (= 1.3.0.preview.1)
  asciidoctor-diagram-cacoo
  asciidoctor-fopub!
  filewatcher
  nokogiri
  rake
